GEM
  remote: http://rubygems.org/
  specs:
    json (1.6.3)
    mime-types (1.17.2)
    rack (1.3.5)
    rack-protection (1.1.4)
      rack
    rake (0.9.2.2)
    rest-client (1.6.7)
      mime-types (>= 1.16)
    sequel (3.31.0)
    settings (0.0.4)
    sinatra (1.3.1)
      rack (~> 1.3, >= 1.3.4)
      rack-protection (~> 1.1, >= 1.1.2)
      tilt (~> 1.3, >= 1.3.3)
    sqlite3 (1.3.5)
    tilt (1.3.3)

PLATFORMS
  ruby

DEPENDENCIES
  json
  rake
  rest-client
  sequel
  settings
  sinatra
  sqlite3
